GEM
  remote: https://rubygems.org/
  specs:
    byebug (10.0.2)
    coderay (1.1.2)
    concurrent-ruby (1.0.5)
    domain_name (0.5.20180417)
      unf (>= 0.0.5, < 1.0.0)
    eventmachine (1.2.7)
    faraday (0.15.3)
      multipart-post (>= 1.2, < 3)
    faye-websocket (0.10.7)
      eventmachine (>= 0.12.0)
      websocket-driver (>= 0.5.1)
    http-cookie (1.0.3)
      domain_name (~> 0.5)
    http_router (0.11.2)
      rack (>= 1.0.0)
      url_mount (~> 0.2.1)
    i18n (1.1.0)
      concurrent-ruby (~> 1.0)
    ice_nine (0.11.2)
    json (2.1.0)
    lita (4.7.0)
      bundler (>= 1.3)
      faraday (>= 0.8.7)
      http_router (>= 0.11.2)
      i18n (>= 0.6.9)
      ice_nine (>= 0.11.0)
      multi_json (>= 1.7.7)
      puma (>= 2.7.1)
      rack (>= 1.5.2)
      rb-readline (>= 0.5.1)
      redis-namespace (>= 1.3.0)
      thor (>= 0.18.1)
    lita-slack (1.7.2)
      eventmachine
      faraday
      faye-websocket (>= 0.8.0)
      lita (>= 4.6.0)
      multi_json
    method_source (0.9.0)
    mime-types (3.2.2)
      mime-types-data (~> 3.2015)
    mime-types-data (3.2018.0812)
    multi_json (1.13.1)
    multipart-post (2.0.0)
    netrc (0.11.0)
    pry (0.11.3)
      coderay (~> 1.1.0)
      method_source (~> 0.9.0)
    pry-byebug (3.6.0)
      byebug (~> 10.0)
      pry (~> 0.10)
    puma (3.10.0)
    rack (2.0.3)
    rb-readline (0.5.5)
    redis (4.0.2)
    redis-namespace (1.6.0)
      redis (>= 3.0.4)
    rest-client (2.0.2)
      http-cookie (>= 1.0.2, < 2.0)
      mime-types (>= 1.16, < 4.0)
      netrc (~> 0.8)
    thor (0.20.0)
    unf (0.1.4)
      unf_ext
    unf_ext (0.0.7.5)
    url_mount (0.2.1)
      rack
    websocket-driver (0.7.0)
      websocket-extensions (>= 0.1.0)
    websocket-extensions (0.1.3)

PLATFORMS
  ruby

DEPENDENCIES
  json
  lita
  lita-slack
  pry-byebug
  puma
  rack
  rest-client

BUNDLED WITH
   1.16.1
